GEM
  remote: https://rubygems.org/
  specs:
    slim (5.2.0)
      temple (~> 0.10.0)
      tilt (>= 2.1.0)
    temple (0.10.3)
    tilt (2.3.0)

PLATFORMS
  ruby

DEPENDENCIES
  slim

BUNDLED WITH
   2.2.21
